GEM
  remote: http://rubygems.org/
  specs:
    rack (1.3.0)

PLATFORMS
  ruby

DEPENDENCIES
  rack (~> 1.3.0)
